PATH
  remote: .
  specs:
    beats (1.4.0)
      httparty
      wavefile (= 0.6.0)

GEM
  remote: https://rubygems.org/
  specs:
    httparty (0.11.0)
      multi_json (~> 1.0)
      multi_xml (>= 0.5.2)
    multi_json (1.10.1)
    multi_xml (0.5.5)
    rake (10.1.1)
    wavefile (0.6.0)

PLATFORMS
  ruby

DEPENDENCIES
  beats!
  rake
