PATH
  remote: .
  specs:
    beats (2.1.1)
      wavefile (= 0.8.1)

GEM
  remote: https://rubygems.org/
  specs:
    minitest (5.10.1)
    rake (12.0.0)
    wavefile (0.8.1)

PLATFORMS
  ruby

DEPENDENCIES
  beats!
  minitest (~> 5)
  rake

BUNDLED WITH
   1.15.4
