PATH
  remote: .
  specs:
    beats (2.1.2)
      wavefile (= 0.8.1)

GEM
  remote: https://rubygems.org/
  specs:
    minitest (5.12.0)
    rake (12.2.1)
    wavefile (0.8.1)

PLATFORMS
  ruby

DEPENDENCIES
  beats!
  minitest (= 5.12.0)
  rake (= 12.2.1)

BUNDLED WITH
   1.17.3
